PATH
  remote: ../rulers
  specs:
    rulers (0.0.4)
      erubis
      rack (~> 2.2)

GEM
  remote: https://rubygems.org/
  specs:
    erubis (2.7.0)
    rack (2.2.3)

PLATFORMS
  ruby

DEPENDENCIES
  rulers!

BUNDLED WITH
   2.1.4
